GEM
  remote: https://rubygems.org/
  specs:
    backports (3.15.0)
    jwt (2.2.1)
    multi_json (1.14.1)
    mustermann (1.0.3)
    nio4r (2.5.2)
    puma (4.3.5)
      nio4r (~> 2.0)
    rack (2.2.3)
    rack-protection (2.0.7)
      rack
    sinatra (2.0.7)
      mustermann (~> 1.0)
      rack (~> 2.0)
      rack-protection (= 2.0.7)
      tilt (~> 2.0)
    sinatra-contrib (2.0.7)
      backports (>= 2.8.2)
      multi_json
      mustermann (~> 1.0)
      rack-protection (= 2.0.7)
      sinatra (= 2.0.7)
      tilt (~> 2.0)
    tilt (2.0.10)

PLATFORMS
  ruby

DEPENDENCIES
  jwt
  puma
  sinatra
  sinatra-contrib

BUNDLED WITH
   2.0.2
